NUGET
  remote: https://api.nuget.org/v3/index.json
    LargeAddressAware (1.0.3)
